GEM
  remote: https://rubygems.org/
  specs:
    choice (0.2.0)
    multicast (0.2.2)
      choice (>= 0.1.4)

PLATFORMS
  ruby

DEPENDENCIES
  multicast

BUNDLED WITH
   2.1.4
